GEM
  remote: http://rubygems.org/
  specs:
    activesupport (3.0.7)
    diff-lcs (1.1.2)
    grit (2.4.1)
      diff-lcs (~> 1.1)
      mime-types (~> 1.15)
    http_router (0.7.9)
      rack (>= 1.0.0)
      url_mount (~> 0.2.1)
    i18n (0.5.0)
    mail (2.3.0)
      i18n (>= 0.4.0)
      mime-types (~> 1.16)
      treetop (~> 1.4.8)
    mime-types (1.16)
    padrino (0.9.28)
      padrino-admin (= 0.9.28)
      padrino-cache (= 0.9.28)
      padrino-core (= 0.9.28)
      padrino-gen (= 0.9.28)
      padrino-helpers (= 0.9.28)
      padrino-mailer (= 0.9.28)
    padrino-admin (0.9.28)
      padrino-core (= 0.9.28)
      padrino-helpers (= 0.9.28)
    padrino-cache (0.9.28)
      padrino-core (= 0.9.28)
    padrino-core (0.9.28)
      activesupport (>= 3.0.0)
      http_router (~> 0.7.5)
      sinatra (~> 1.2.6)
      thor (>= 0.14.3)
      tilt (~> 1.3.0)
      tzinfo
    padrino-gen (0.9.28)
      bundler (>= 1.0.2)
      grit
      padrino-core (= 0.9.28)
    padrino-helpers (0.9.28)
      i18n (>= 0.4.1)
      padrino-core (= 0.9.28)
    padrino-mailer (0.9.28)
      mail (>= 2.2.0)
      padrino-core (= 0.9.28)
    polyglot (0.3.1)
    rack (1.2.2)
    rake (0.8.7)
    sinatra (1.2.6)
      rack (~> 1.1)
      tilt (< 2.0, >= 1.2.2)
    thor (0.14.6)
    tilt (1.3)
    treetop (1.4.9)
      polyglot (>= 0.3.1)
    tzinfo (0.3.27)
    url_mount (0.2.1)
      rack

PLATFORMS
  ruby

DEPENDENCIES
  padrino (= 0.9.28)
  rake
